GIT
  remote: git://github.com/amatsuda/kaminari.git
  revision: 92db78516c1c8f0efd82af0bef635cfca846cab3
  specs:
    kaminari (1.0.0.alpha)
      actionpack (>= 3.0.0)
      activesupport (>= 3.0.0)

GIT
  remote: git://github.com/fudanchii/feedbag.git
  revision: 1b15db941d58d29a6c274b50170eb22b6c4c218f
  branch: dev
  specs:
    feedbag (0.9.5)
      nokogiri
      open_uri_redirections

GIT
  remote: git://github.com/mhfs/sidekiq-failures.git
  revision: 4ff0e1756640bd8c77a9657ad7ea5cae73447091
  specs:
    sidekiq-failures (0.4.5)
      sidekiq (>= 2.16.0)

GIT
  remote: git://github.com/ondrejbartas/sidekiq-cron.git
  revision: 31e8239948745b16f10f99c520dc3a63b588a4b4
  specs:
    sidekiq-cron (0.4.2)
      redis-namespace (>= 1.5.2)
      rufus-scheduler (>= 2.0.24)
      sidekiq (>= 4.0.0)

GIT
  remote: git://github.com/plataformatec/simple_form.git
  revision: 1c389f65594db90a1244d93a00a388b4aea4bcc6
  specs:
    simple_form (3.2.1)
      actionpack (> 4, < 5.1)
      activemodel (> 4, < 5.1)

GIT
  remote: git://github.com/rails-api/active_model_serializers.git
  revision: c029c00758d56e0a3a271d4e241eeac218ebf590
  specs:
    active_model_serializers (0.10.1)
      actionpack (>= 4.1, < 6)
      activemodel (>= 4.1, < 6)
      jsonapi (~> 0.1.1.beta2)
      railties (>= 4.1, < 6)

GIT
  remote: git://github.com/sinatra/sinatra.git
  revision: a5da6fa82c46436f59ae482d07c1752ab908c852
  branch: master
  specs:
    sinatra (2.0.0.pre.alpha)
      mustermann (~> 0.4)
      rack (~> 2.0)
      rack-protection (~> 1.5)
      tilt (~> 2.0)

GIT
  remote: git://github.com/unity/ractive_assets.git
  revision: d66ef315f8765b0d9e071b7a2980a6da85c57587
  specs:
    ractive_assets (0.0.17)
      execjs (>= 2.0.2)
      multi_json
      sprockets
      tilt

GEM
  remote: https://rubygems.org/
  remote: https://rails-assets.org/
  specs:
    actioncable (5.0.0)
      actionpack (= 5.0.0)
      nio4r (~> 1.2)
      websocket-driver (~> 0.6.1)
    actionmailer (5.0.0)
      actionpack (= 5.0.0)
      actionview (= 5.0.0)
      activejob (= 5.0.0)
      mail (~> 2.5, >= 2.5.4)
      rails-dom-testing (~> 2.0)
    actionpack (5.0.0)
      actionview (= 5.0.0)
      activesupport (= 5.0.0)
      rack (~> 2.0)
      rack-test (~> 0.6.3)
      rails-dom-testing (~> 2.0)
      rails-html-sanitizer (~> 1.0, >= 1.0.2)
    actionview (5.0.0)
      activesupport (= 5.0.0)
      builder (~> 3.1)
      erubis (~> 2.7.0)
      rails-dom-testing (~> 2.0)
      rails-html-sanitizer (~> 1.0, >= 1.0.2)
    activejob (5.0.0)
      activesupport (= 5.0.0)
      globalid (>= 0.3.6)
    activemodel (5.0.0)
      activesupport (= 5.0.0)
    activerecord (5.0.0)
      activemodel (= 5.0.0)
      activesupport (= 5.0.0)
      arel (~> 7.0)
    activesupport (5.0.0)
      concurrent-ruby (~> 1.0, >= 1.0.2)
      i18n (~> 0.7)
      minitest (~> 5.1)
      tzinfo (~> 1.1)
    annotate (2.7.1)
      activerecord (>= 3.2, < 6.0)
      rake (>= 10.4, < 12.0)
    ansi (1.5.0)
    arel (7.0.0)
    autoprefixer-rails (6.3.7)
      execjs
    babel-source (5.8.35)
    babel-transpiler (0.7.0)
      babel-source (>= 4.0, < 6)
      execjs (~> 2.0)
    bcrypt (3.1.11)
    better_errors (2.1.1)
      coderay (>= 1.0.0)
      erubis (>= 2.6.6)
      rack (>= 0.9.0)
    binding_of_caller (0.7.2)
      debug_inspector (>= 0.0.1)
    builder (3.2.2)
    coderay (1.1.1)
    concurrent-ruby (1.0.2)
    connection_pool (2.2.0)
    dalli (2.7.6)
    debug_inspector (0.0.2)
    erubis (2.7.0)
    execjs (2.7.0)
    faraday (0.9.2)
      multipart-post (>= 1.2, < 3)
    faraday_middleware (0.10.0)
      faraday (>= 0.7.4, < 0.10)
    feedjira (2.0.0)
      faraday (~> 0.9)
      faraday_middleware (~> 0.9)
      loofah (~> 2.0)
      sax-machine (~> 1.0)
    ffi (1.9.10)
    figaro (1.1.1)
      thor (~> 0.14)
    flamegraph (0.9.5)
    foreman (0.82.0)
      thor (~> 0.19.1)
    formatador (0.2.5)
    globalid (0.3.6)
      activesupport (>= 4.1.0)
    guard (2.14.0)
      formatador (>= 0.2.4)
      listen (>= 2.7, < 4.0)
      lumberjack (~> 1.0)
      nenv (~> 0.1)
      notiffany (~> 0.0)
      pry (>= 0.9.12)
      shellany (~> 0.0)
      thor (>= 0.18.1)
    guard-teaspoon (0.8.0)
      guard (~> 2.2)
      teaspoon (>= 0.8.0)
    hashie (3.4.4)
    hiredis (0.6.1)
    i18n (0.7.0)
    i18n-js (3.0.0.rc12)
      i18n (~> 0.6, >= 0.6.6)
    json (1.8.3)
    jsonapi (0.1.1.beta2)
      json (~> 1.8)
    libv8 (3.16.14.15)
    listen (3.1.5)
      rb-fsevent (~> 0.9, >= 0.9.4)
      rb-inotify (~> 0.9, >= 0.9.7)
      ruby_dep (~> 1.2)
    loofah (2.0.3)
      nokogiri (>= 1.5.9)
    lumberjack (1.0.10)
    m (1.5.0)
      method_source (>= 0.6.7)
      rake (>= 0.9.2.2)
    mail (2.6.4)
      mime-types (>= 1.16, < 4)
    method_source (0.8.2)
    mime-types (3.1)
      mime-types-data (~> 3.2015)
    mime-types-data (3.2016.0521)
    mini_portile2 (2.1.0)
    minitest (5.9.0)
    minitest-reporters (1.1.9)
      ansi
      builder
      minitest (>= 5.0)
      ruby-progressbar
    minitest-spec-rails (5.4.0)
      minitest (~> 5.0)
      rails (>= 4.1)
    minitest-stub_any_instance (1.0.1)
    multi_json (1.12.1)
    multipart-post (2.0.0)
    mustermann (0.4.0)
      tool (~> 0.2)
    nenv (0.3.0)
    nio4r (1.2.1)
    nokogiri (1.6.8)
      mini_portile2 (~> 2.1.0)
      pkg-config (~> 1.1.7)
    notiffany (0.1.0)
      nenv (~> 0.1)
      shellany (~> 0.0)
    oauth (0.5.1)
    oj (2.16.1)
    omniauth (1.3.1)
      hashie (>= 1.2, < 4)
      rack (>= 1.0, < 3)
    omniauth-oauth (1.1.0)
      oauth
      omniauth (~> 1.0)
    omniauth-twitter (1.2.1)
      json (~> 1.3)
      omniauth-oauth (~> 1.1)
    open_uri_redirections (0.2.1)
    pg (0.18.4)
    pkg-config (1.1.7)
    pry (0.10.3)
      coderay (~> 1.1.0)
      method_source (~> 0.8.1)
      slop (~> 3.4)
    puma (3.4.0)
    rack (2.0.1)
    rack-mini-profiler (0.10.1)
      rack (>= 1.2.0)
    rack-protection (1.5.3)
      rack
    rack-test (0.6.3)
      rack (>= 1.0)
    rails (5.0.0)
      actioncable (= 5.0.0)
      actionmailer (= 5.0.0)
      actionpack (= 5.0.0)
      actionview (= 5.0.0)
      activejob (= 5.0.0)
      activemodel (= 5.0.0)
      activerecord (= 5.0.0)
      activesupport (= 5.0.0)
      bundler (>= 1.3.0, < 2.0)
      railties (= 5.0.0)
      sprockets-rails (>= 2.0.0)
    rails-assets-blueimp-canvas-to-blob (3.3.0)
    rails-assets-blueimp-load-image (2.6.1)
    rails-assets-blueimp-tmpl (3.4.0)
    rails-assets-fetch (1.0.0)
    rails-assets-history.js (1.8.0)
    rails-assets-jquery (3.0.0)
    rails-assets-jquery-file-upload (9.12.5)
      rails-assets-blueimp-canvas-to-blob (>= 2.1.1)
      rails-assets-blueimp-load-image (>= 1.13.0)
      rails-assets-blueimp-tmpl (>= 2.5.4)
      rails-assets-jquery (>= 1.6)
    rails-assets-lodash (4.13.1)
    rails-assets-moment (2.13.0)
    rails-assets-nprogress (0.2.0)
    rails-assets-ractive (0.7.3)
    rails-assets-ractive-transitions-fade (0.3.1)
    rails-assets-scrollup (2.4.1)
      rails-assets-jquery (>= 1.11.0)
    rails-assets-semantic-ui (2.2.1)
      rails-assets-jquery (>= 1.8)
    rails-assets-zloirock--core-js (2.4.0)
    rails-controller-testing (0.1.1)
      actionpack (~> 5.x)
      actionview (~> 5.x)
      activesupport (~> 5.x)
    rails-dom-testing (2.0.1)
      activesupport (>= 4.2.0, < 6.0)
      nokogiri (~> 1.6.0)
    rails-html-sanitizer (1.0.3)
      loofah (~> 2.0)
    railties (5.0.0)
      actionpack (= 5.0.0)
      activesupport (= 5.0.0)
      method_source
      rake (>= 0.8.7)
      thor (>= 0.18.1, < 2.0)
    rake (11.2.2)
    rb-fsevent (0.9.7)
    rb-inotify (0.9.7)
      ffi (>= 0.5.0)
    redis (3.3.0)
    redis-namespace (1.5.2)
      redis (~> 3.0, >= 3.0.4)
    ref (2.0.0)
    ruby-progressbar (1.8.1)
    ruby_dep (1.3.1)
    rufus-scheduler (3.2.1)
    sass (3.4.22)
    sass-rails (5.0.5)
      railties (>= 4.0.0, < 6)
      sass (~> 3.1)
      sprockets (>= 2.8, < 4.0)
      sprockets-rails (>= 2.0, < 4.0)
      tilt (>= 1.1, < 3)
    sax-machine (1.3.2)
    shellany (0.0.1)
    sidekiq (4.1.4)
      concurrent-ruby (~> 1.0)
      connection_pool (~> 2.2, >= 2.2.0)
      redis (~> 3.2, >= 3.2.1)
      sinatra (>= 1.4.7)
    slim (3.0.7)
      temple (~> 0.7.6)
      tilt (>= 1.3.3, < 2.1)
    slop (3.6.0)
    sprockets (3.6.3)
      concurrent-ruby (~> 1.0)
      rack (> 1, < 3)
    sprockets-es6 (0.9.0)
      babel-source (>= 5.8.11)
      babel-transpiler
      sprockets (>= 3.0.0)
    sprockets-rails (2.3.3)
      actionpack (>= 3.0)
      activesupport (>= 3.0)
      sprockets (>= 2.8, < 4.0)
    stackprof (0.2.9)
    stathat (0.1.7)
    teaspoon (1.1.5)
      railties (>= 3.2.5, < 6)
    teaspoon-mocha (2.3.3)
      teaspoon (>= 1.0.0)
    temple (0.7.7)
    therubyracer (0.12.2)
      libv8 (~> 3.16.14.0)
      ref
    thor (0.19.1)
    thread_safe (0.3.5)
    tilt (2.0.5)
    tool (0.2.3)
    tzinfo (1.2.2)
      thread_safe (~> 0.1)
    uglifier (3.0.0)
      execjs (>= 0.3.0, < 3)
    websocket-driver (0.6.4)
      websocket-extensions (>= 0.1.0)
    websocket-extensions (0.1.2)

PLATFORMS
  ruby

DEPENDENCIES
  active_model_serializers!
  annotate
  autoprefixer-rails
  bcrypt
  better_errors (>= 0.3.2)
  binding_of_caller (>= 0.6.8)
  connection_pool
  dalli
  feedbag!
  feedjira
  figaro
  flamegraph
  foreman
  guard
  guard-teaspoon
  hiredis
  i18n-js
  kaminari!
  m
  minitest
  minitest-reporters
  minitest-spec-rails
  minitest-stub_any_instance
  oj
  omniauth
  omniauth-twitter
  pg
  puma
  rack-mini-profiler
  ractive_assets!
  rails (~> 5.0)
  rails-assets-fetch!
  rails-assets-history.js!
  rails-assets-jquery!
  rails-assets-jquery-file-upload!
  rails-assets-lodash!
  rails-assets-moment!
  rails-assets-nprogress!
  rails-assets-ractive!
  rails-assets-ractive-transitions-fade!
  rails-assets-scrollup!
  rails-assets-semantic-ui!
  rails-assets-zloirock--core-js!
  rails-controller-testing
  redis
  sass-rails
  sidekiq
  sidekiq-cron!
  sidekiq-failures!
  simple_form!
  sinatra!
  slim
  sprockets (~> 3.0)
  sprockets-es6 (>= 0.6.0)
  sprockets-rails (< 3.0.0)
  stackprof
  stathat
  teaspoon
  teaspoon-mocha
  therubyracer
  thin
  uglifier

BUNDLED WITH
   1.12.4
