GIT
  remote: git://github.com/fudanchii/feedbag.git
  revision: c737c293cc2ff91566484a3bb3f72c9be653965e
  branch: dev
  specs:
    feedbag (0.9.1)
      nokogiri
      open_uri_redirections

GIT
  remote: git://github.com/fudanchii/feedzirra.git
  revision: 7fdb52189a2c8d120da927f5cf50685078b683ec
  branch: dev
  specs:
    feedzirra (0.2.0.rc2)
      curb (~> 0.8.1)
      loofah (~> 1.2.1)
      nokogiri (~> 1.6.0)

GIT
  remote: git://github.com/mcasimir/kaminari-bootstrap.git
  revision: 1271c3a612f446ad015a32557cc59e61a58cdebe
  specs:
    kaminari-bootstrap (0.1.3)
      kaminari (>= 0.13.0)
      rails

GIT
  remote: git://github.com/pauldix/sax-machine.git
  revision: 4027000775ae17eb7ecb8b1a4660044d7041559c
  specs:
    sax-machine (0.2.0.rc1)
      nokogiri (>= 1.5.6)

GIT
  remote: git://github.com/plataformatec/simple_form.git
  revision: 50c4ac4a8bd0cb883ddaa309b779978e4207fef4
  specs:
    simple_form (3.0.0)
      actionpack (>= 4.0.0, < 4.1)
      activemodel (>= 4.0.0, < 4.1)

GEM
  remote: https://rubygems.org/
  specs:
    actionmailer (4.0.0)
      actionpack (= 4.0.0)
      mail (~> 2.5.3)
    actionpack (4.0.0)
      activesupport (= 4.0.0)
      builder (~> 3.1.0)
      erubis (~> 2.7.0)
      rack (~> 1.5.2)
      rack-test (~> 0.6.2)
    activemodel (4.0.0)
      activesupport (= 4.0.0)
      builder (~> 3.1.0)
    activerecord (4.0.0)
      activemodel (= 4.0.0)
      activerecord-deprecated_finders (~> 1.0.2)
      activesupport (= 4.0.0)
      arel (~> 4.0.0)
    activerecord-deprecated_finders (1.0.3)
    activesupport (4.0.0)
      i18n (~> 0.6, >= 0.6.4)
      minitest (~> 4.2)
      multi_json (~> 1.3)
      thread_safe (~> 0.1)
      tzinfo (~> 0.3.37)
    anjlab-bootstrap-rails (3.0.0.3)
      railties (>= 3.0)
      sass (>= 3.2)
    ansi (1.4.3)
    arel (4.0.0)
    atomic (1.1.14)
    bcrypt-ruby (3.0.1)
    bcrypt-ruby (3.0.1-x86-mingw32)
    better_errors (1.0.1)
      coderay (>= 1.0.0)
      erubis (>= 2.6.6)
    binding_of_caller (0.7.2)
      debug_inspector (>= 0.0.1)
    builder (3.1.4)
    cache_digests (0.3.1)
      actionpack (>= 3.2)
      thread_safe
    celluloid (0.15.1)
      timers (~> 1.1.0)
    coderay (1.1.0)
    connection_pool (1.1.0)
    curb (0.8.4)
    daemons (1.1.9)
    dalli (2.6.4)
    debug_inspector (0.0.2)
    erubis (2.7.0)
    eventmachine (1.0.3-x86-mingw32)
    execjs (2.0.1)
    figaro (0.7.0)
      bundler (~> 1.0)
      rails (>= 3, < 5)
    hike (1.2.3)
    i18n (0.6.5)
    ice_cube (0.11.0)
    jbuilder (1.5.1)
      activesupport (>= 3.0.0)
      multi_json (>= 1.2.0)
    jquery-rails (3.0.4)
      railties (>= 3.0, < 5.0)
      thor (>= 0.14, < 2.0)
    json (1.8.0)
    kaminari (0.14.1)
      actionpack (>= 3.0.0)
      activesupport (>= 3.0.0)
    loofah (1.2.1)
      nokogiri (>= 1.4.4)
    mail (2.5.4)
      mime-types (~> 1.16)
      treetop (~> 1.4.8)
    mime-types (1.25)
    mini_portile (0.5.1)
    minitest (4.7.5)
    minitest-spec-rails (4.7.4)
      minitest (~> 4.7)
      rails (<= 4.0)
    moji (1.6)
    multi_json (1.8.0)
    nokogiri (1.6.0)
      mini_portile (~> 0.5.0)
    nokogiri (1.6.0-x86-mingw32)
      mini_portile (~> 0.5.0)
    oj (2.1.4)
    open_uri_redirections (0.1.1)
    pg (0.17.0)
    pg (0.17.0-x86-mingw32)
    polyglot (0.3.3)
    puma (2.6.0)
      rack (>= 1.1, < 2.0)
    quiet_assets (1.0.2)
      railties (>= 3.1, < 5.0)
    rack (1.5.2)
    rack-protection (1.5.0)
      rack
    rack-test (0.6.2)
      rack (>= 1.0)
    rails (4.0.0)
      actionmailer (= 4.0.0)
      actionpack (= 4.0.0)
      activerecord (= 4.0.0)
      activesupport (= 4.0.0)
      bundler (>= 1.3.0, < 2.0)
      railties (= 4.0.0)
      sprockets-rails (~> 2.0.0)
    railties (4.0.0)
      actionpack (= 4.0.0)
      activesupport (= 4.0.0)
      rake (>= 0.8.7)
      thor (>= 0.18.1, < 2.0)
    rake (10.1.0)
    redis (3.0.4)
    redis-namespace (1.3.1)
      redis (~> 3.0.0)
    sass (3.2.10)
    sass-rails (4.0.0)
      railties (>= 4.0.0.beta, < 5.0)
      sass (>= 3.1.10)
      sprockets-rails (~> 2.0.0)
    sidekiq (2.14.1)
      celluloid (>= 0.14.1)
      connection_pool (>= 1.0.0)
      json
      redis (>= 3.0.4)
      redis-namespace (>= 1.3.1)
    sidetiq (0.4.0)
      celluloid (>= 0.14.1)
      ice_cube (~> 0.11.0)
      json
      sidekiq (~> 2.14.0)
    sinatra (1.4.3)
      rack (~> 1.4)
      rack-protection (~> 1.4)
      tilt (~> 1.3, >= 1.3.4)
    slim (2.0.1)
      temple (~> 0.6.6)
      tilt (>= 1.3.3, < 2.1)
    sprockets (2.10.0)
      hike (~> 1.2)
      multi_json (~> 1.0)
      rack (~> 1.0)
      tilt (~> 1.1, != 1.3.0)
    sprockets-rails (2.0.0)
      actionpack (>= 3.0)
      activesupport (>= 3.0)
      sprockets (~> 2.8)
    temple (0.6.6)
    thin (1.5.1)
      daemons (>= 1.0.9)
      eventmachine (>= 0.12.6)
      rack (>= 1.0.0)
    thor (0.18.1)
    thread_safe (0.1.3)
      atomic
    tilt (1.4.1)
    timers (1.1.0)
    treetop (1.4.15)
      polyglot
      polyglot (>= 0.3.1)
    turn (0.9.6)
      ansi
    tzinfo (0.3.37)
    uglifier (2.2.1)
      execjs (>= 0.3.0)
      multi_json (~> 1.0, >= 1.0.2)

PLATFORMS
  ruby
  x86-mingw32

DEPENDENCIES
  anjlab-bootstrap-rails (>= 2.0)
  bcrypt-ruby (~> 3.0.0)
  better_errors (>= 0.3.2)
  binding_of_caller (>= 0.6.8)
  cache_digests
  dalli
  feedbag!
  feedzirra!
  figaro
  jbuilder
  jquery-rails
  kaminari
  kaminari-bootstrap!
  minitest-spec-rails
  moji
  oj
  pg
  puma
  quiet_assets (>= 1.0.1)
  rails (~> 4.0.0)
  sass-rails
  sax-machine!
  sidekiq
  sidetiq
  simple_form!
  sinatra
  slim
  thin
  turn
  uglifier
